GIT
  remote: https://github.com/pivotal-cf-experimental/cf-deployer.git
  revision: d4984be5a0871c4fd6111fef6fa3209ffcf8b880
  specs:
    cf_deployer (0.6.0)
      bosh_cli (~> 1.0)
      cf (~> 5.2.2)
      dogapi (~> 1.9)

GEM
  remote: https://rubygems.org/
  specs:
    activemodel (4.0.4)
      activesupport (= 4.0.4)
      builder (~> 3.1.0)
    activesupport (4.0.4)
      i18n (~> 0.6, >= 0.6.9)
      minitest (~> 4.2)
      multi_json (~> 1.3)
      thread_safe (~> 0.1)
      tzinfo (~> 0.3.37)
    addressable (2.3.5)
    atomic (1.1.16)
    aws-sdk (1.32.0)
      json (~> 1.4)
      nokogiri (>= 1.4.4)
      uuidtools (~> 2.1)
    blobstore_client (1.2200.0)
      aws-sdk (= 1.32.0)
      bosh_common (~> 1.2200.0)
      fog (~> 1.14.0)
      httpclient (= 2.2.4)
      multi_json (~> 1.1)
      ruby-atmos-pure (~> 1.0.5)
    bosh_cli (1.2200.0)
      blobstore_client (~> 1.2200.0)
      bosh_common (~> 1.2200.0)
      highline (~> 1.6.2)
      httpclient (= 2.2.4)
      json_pure (~> 1.7)
      minitar (~> 0.5.4)
      net-scp (~> 1.1.0)
      net-ssh (>= 2.2.1)
      net-ssh-gateway (~> 1.1.0)
      netaddr (~> 1.5.0)
      progressbar (~> 0.9.0)
      terminal-table (~> 1.4.3)
    bosh_common (1.2200.0)
    builder (3.1.4)
    caldecott-client (0.0.2)
      multi_json (~> 1.3)
    cf (5.2.2)
      addressable
      caldecott-client (~> 0.0.2)
      cfoundry (~> 4.3.5.rc1)
      interact (>= 0.5)
      json_pure
      mothership (>= 0.5.1)
      multi_json (~> 1.3)
      rest-client (~> 1.6)
      uuidtools (~> 2.1)
    cf-uaa-lib (2.0.1)
      multi_json
    cfoundry (4.3.12)
      activemodel (>= 3.2.13, < 5.0.0)
      cf-uaa-lib (~> 2.0.0)
      multi_json (~> 1.7)
      multipart-post (~> 1.1)
      rubyzip (~> 0.9)
    dogapi (1.9.2)
      json (>= 1.5.1)
    excon (0.25.3)
    fog (1.14.0)
      builder
      excon (~> 0.25.0)
      formatador (~> 0.2.0)
      mime-types
      multi_json (~> 1.0)
      net-scp (~> 1.1)
      net-ssh (>= 2.1.3)
      nokogiri (~> 1.5)
      ruby-hmac
    formatador (0.2.4)
    highline (1.6.21)
    httpclient (2.2.4)
    i18n (0.6.9)
    interact (0.5.2)
    json (1.8.1)
    json_pure (1.8.1)
    log4r (1.1.10)
    mime-types (2.2)
    mini_portile (0.5.2)
    minitar (0.5.4)
    minitest (4.7.5)
    mothership (0.5.1)
    multi_json (1.9.0)
    multipart-post (1.2.0)
    net-scp (1.1.2)
      net-ssh (>= 2.6.5)
    net-ssh (2.8.0)
    net-ssh-gateway (1.1.0)
      net-ssh (>= 2.6.5)
    netaddr (1.5.0)
    nokogiri (1.6.1)
      mini_portile (~> 0.5.0)
    progressbar (0.9.2)
    rest-client (1.6.7)
      mime-types (>= 1.16)
    ruby-atmos-pure (1.0.5)
      log4r (>= 1.1.9)
      ruby-hmac (>= 0.4.0)
    ruby-hmac (0.4.0)
    rubyzip (0.9.9)
    terminal-table (1.4.5)
    thread_safe (0.2.0)
      atomic (>= 1.1.7, < 2)
    tzinfo (0.3.39)
    uuidtools (2.1.4)

PLATFORMS
  ruby

DEPENDENCIES
  cf_deployer!
